GEM
  remote: http://rubygems.org/
  specs:
    mustermann (1.0.3)
    rack (2.0.7)
    rack-protection (2.0.7)
      rack
    sequel (5.24.0)
    sinatra (2.0.7)
      mustermann (~> 1.0)
      rack (~> 2.0)
      rack-protection (= 2.0.7)
      tilt (~> 2.0)
    sinatra-sequel (0.9.0)
      sequel (>= 3.2.0)
      sinatra (>= 0.9.4)
    sqlite3 (1.4.1)
    tilt (2.0.10)

PLATFORMS
  ruby

DEPENDENCIES
  sequel
  sinatra
  sinatra-sequel
  sqlite3

BUNDLED WITH
   1.17.1
